GEM
  remote: http://rubygems.org/
  specs:
    emk-sinatra-url-for (0.2.1)
      sinatra (>= 0.9.1.1)
    foreman (0.78.0)
      thor (~> 0.19.1)
    haml (4.0.5)
      tilt
    hashie (3.2.0)
    json (1.8.1)
    puma (2.9.0)
      rack (>= 1.1, < 2.0)
    rack (1.5.2)
    rack-protection (1.5.3)
      rack
    sinatra (1.4.5)
      rack (~> 1.4)
      rack-protection (~> 1.4)
      tilt (~> 1.3, >= 1.3.4)
    thor (0.19.1)
    tilt (1.4.1)

PLATFORMS
  ruby

DEPENDENCIES
  emk-sinatra-url-for
  foreman
  haml
  hashie
  json
  puma
  sinatra
